GEM
  remote: https://rubygems.org/
  specs:
    ast (2.4.3)
    base64 (0.3.0)
    bigdecimal (3.2.3)
    coderay (1.1.3)
    date (3.4.1)
    dotenv (3.1.8)
    forme (2.7.0)
      bigdecimal
    google-protobuf (4.32.1)
      bigdecimal
      rake (>= 13)
    google-protobuf (4.32.1-arm64-darwin)
      bigdecimal
      rake (>= 13)
    google-protobuf (4.32.1-x86_64-linux-gnu)
      bigdecimal
      rake (>= 13)
    io-console (0.8.1)
    json (2.15.0)
    language_server-protocol (3.17.0.5)
    lint_roller (1.1.0)
    logger (1.7.0)
    method_source (1.1.0)
    ostruct (0.6.3)
    parallel (1.27.0)
    parser (3.3.9.0)
      ast (~> 2.4.1)
      racc
    passenger (6.1.0)
      rack (>= 1.6.13)
      rackup (>= 1.0.1)
      rake (>= 12.3.3)
    prism (1.5.1)
    pry (0.15.2)
      coderay (~> 1.1)
      method_source (~> 1.0)
    r18n-core (5.0.1)
    racc (1.8.1)
    rack (3.2.1)
    rack-timeout (0.7.0)
    rackup (2.2.1)
      rack (>= 3)
    rainbow (3.1.1)
    rake (13.3.0)
    regexp_parser (2.11.3)
    reline (0.6.2)
      io-console (~> 0.5)
    roda (3.96.0)
      rack
    roda-i18n (0.6.0)
      date
      r18n-core (~> 5)
      roda (~> 3.8)
      tilt
    rubocop (1.81.1)
      json (~> 2.3)
      language_server-protocol (~> 3.17.0.2)
      lint_roller (~> 1.1.0)
      parallel (~> 1.10)
      parser (>= 3.3.0.2)
      rainbow (>= 2.2.2, < 4.0)
      regexp_parser (>= 2.9.3, < 3.0)
      rubocop-ast (>= 1.47.1, < 2.0)
      ruby-progressbar (~> 1.7)
      unicode-display_width (>= 2.4.0, < 4.0)
    rubocop-ast (1.47.1)
      parser (>= 3.3.7.2)
      prism (~> 1.4)
    ruby-progressbar (1.13.0)
    rubyzip (3.1.1)
    sass-embedded (1.93.2)
      google-protobuf (~> 4.31)
      rake (>= 13)
    sass-embedded (1.93.2-arm64-darwin)
      google-protobuf (~> 4.31)
    sass-embedded (1.93.2-x86_64-linux-gnu)
      google-protobuf (~> 4.31)
    tilt (2.6.1)
    unicode-display_width (3.2.0)
      unicode-emoji (~> 4.1)
    unicode-emoji (4.1.0)

PLATFORMS
  arm64-darwin-23
  ruby
  x86_64-linux

DEPENDENCIES
  base64 (~> 0.3.0)
  bigdecimal (~> 3.2)
  dotenv (~> 3.1)
  forme (~> 2.7)
  logger (~> 1.7)
  ostruct (~> 0.6.3)
  passenger (~> 6.1)
  pry (~> 0.15.2)
  rack-timeout (~> 0.7.0)
  rackup (~> 2.2)
  reline (~> 0.6.2)
  roda (~> 3.96)
  roda-i18n
  rubocop (~> 1.81)
  rubyzip (~> 3.1)
  sass-embedded (~> 1.93)
  tilt (~> 2.6)

BUNDLED WITH
   2.7.1
