GEM
  remote: https://rubygems.org/
  specs:
    ast (2.4.2)
    base64 (0.2.0)
    bigdecimal (3.1.8)
    coderay (1.1.3)
    date (3.3.4)
    dotenv (3.1.4)
    forme (2.6.0)
      bigdecimal
    google-protobuf (4.28.3)
      bigdecimal
      rake (>= 13)
    google-protobuf (4.28.3-arm64-darwin)
      bigdecimal
      rake (>= 13)
    google-protobuf (4.28.3-x86_64-linux)
      bigdecimal
      rake (>= 13)
    io-console (0.7.2)
    json (2.7.5)
    language_server-protocol (3.17.0.3)
    logger (1.6.1)
    method_source (1.1.0)
    parallel (1.26.3)
    parser (3.3.5.1)
      ast (~> 2.4.1)
      racc
    passenger (6.0.23)
      rack (>= 1.6.13)
      rackup
      rake (>= 12.3.3)
    pry (0.14.2)
      coderay (~> 1.1)
      method_source (~> 1.0)
    r18n-core (5.0.1)
    racc (1.8.1)
    rack (3.1.8)
    rack-timeout (0.7.0)
    rackup (2.2.0)
      rack (>= 3)
    rainbow (3.1.1)
    rake (13.2.1)
    regexp_parser (2.9.2)
    reline (0.5.11)
      io-console (~> 0.5)
    roda (3.85.0)
      rack
    roda-i18n (0.6.0)
      date
      r18n-core (~> 5)
      roda (~> 3.8)
      tilt
    rubocop (1.68.0)
      json (~> 2.3)
      language_server-protocol (>= 3.17.0)
      parallel (~> 1.10)
      parser (>= 3.3.0.2)
      rainbow (>= 2.2.2, < 4.0)
      regexp_parser (>= 2.4, < 3.0)
      rubocop-ast (>= 1.32.2, < 2.0)
      ruby-progressbar (~> 1.7)
      unicode-display_width (>= 2.4.0, < 3.0)
    rubocop-ast (1.33.1)
      parser (>= 3.3.1.0)
    ruby-progressbar (1.13.0)
    rubyzip (2.3.2)
    sass-embedded (1.80.6)
      google-protobuf (~> 4.28)
      rake (>= 13)
    sass-embedded (1.80.6-arm64-darwin)
      google-protobuf (~> 4.28)
    sass-embedded (1.80.6-x86_64-linux-gnu)
      google-protobuf (~> 4.28)
    tilt (2.4.0)
    unicode-display_width (2.6.0)

PLATFORMS
  arm64-darwin-23
  ruby
  x86_64-linux

DEPENDENCIES
  base64 (~> 0.2.0)
  bigdecimal (~> 3.1)
  dotenv (~> 3.1)
  forme (~> 2.6)
  logger (~> 1.6)
  passenger (~> 6.0)
  pry (~> 0.14.2)
  rack-timeout (~> 0.7.0)
  rackup (~> 2.2)
  reline (~> 0.5.11)
  roda (~> 3.85)
  roda-i18n
  rubocop (~> 1.68)
  rubyzip (~> 2.3)
  sass-embedded (~> 1.80)
  tilt (~> 2.4)

BUNDLED WITH
   2.5.21
