GEM
  remote: https://rubygems.org/
  specs:
    ast (2.4.2)
    base64 (0.2.0)
    bigdecimal (3.1.9)
    coderay (1.1.3)
    date (3.3.4)
    dotenv (3.1.7)
    forme (2.6.0)
      bigdecimal
    google-protobuf (4.29.2)
      bigdecimal
      rake (>= 13)
    google-protobuf (4.29.2-arm64-darwin)
      bigdecimal
      rake (>= 13)
    google-protobuf (4.29.2-x86_64-linux)
      bigdecimal
      rake (>= 13)
    io-console (0.8.0)
    json (2.9.0)
    language_server-protocol (3.17.0.3)
    logger (1.6.4)
    method_source (1.1.0)
    parallel (1.26.3)
    parser (3.3.6.0)
      ast (~> 2.4.1)
      racc
    passenger (6.0.24)
      rack (>= 1.6.13)
      rackup (>= 2.0.0)
      rake (>= 12.3.3)
    pry (0.15.2)
      coderay (~> 1.1)
      method_source (~> 1.0)
    r18n-core (5.0.1)
    racc (1.8.1)
    rack (3.1.8)
    rack-timeout (0.7.0)
    rackup (2.2.1)
      rack (>= 3)
    rainbow (3.1.1)
    rake (13.2.1)
    regexp_parser (2.9.3)
    reline (0.6.0)
      io-console (~> 0.5)
    roda (3.87.0)
      rack
    roda-i18n (0.6.0)
      date
      r18n-core (~> 5)
      roda (~> 3.8)
      tilt
    rubocop (1.69.2)
      json (~> 2.3)
      language_server-protocol (>= 3.17.0)
      parallel (~> 1.10)
      parser (>= 3.3.0.2)
      rainbow (>= 2.2.2, < 4.0)
      regexp_parser (>= 2.9.3, < 3.0)
      rubocop-ast (>= 1.36.2, < 2.0)
      ruby-progressbar (~> 1.7)
      unicode-display_width (>= 2.4.0, < 4.0)
    rubocop-ast (1.37.0)
      parser (>= 3.3.1.0)
    ruby-progressbar (1.13.0)
    rubyzip (2.4)
    sass-embedded (1.83.1)
      google-protobuf (~> 4.29)
      rake (>= 13)
    sass-embedded (1.83.1-arm64-darwin)
      google-protobuf (~> 4.29)
    sass-embedded (1.83.1-x86_64-linux-gnu)
      google-protobuf (~> 4.29)
    tilt (2.5.0)
    unicode-display_width (3.1.2)
      unicode-emoji (~> 4.0, >= 4.0.4)
    unicode-emoji (4.0.4)

PLATFORMS
  arm64-darwin-23
  ruby
  x86_64-linux

DEPENDENCIES
  base64 (~> 0.2.0)
  bigdecimal (~> 3.1)
  dotenv (~> 3.1)
  forme (~> 2.6)
  logger (~> 1.6)
  passenger (~> 6.0)
  pry (~> 0.15.2)
  rack-timeout (~> 0.7.0)
  rackup (~> 2.2)
  reline (~> 0.6.0)
  roda (~> 3.87)
  roda-i18n
  rubocop (~> 1.69)
  rubyzip (~> 2.4)
  sass-embedded (~> 1.83)
  tilt (~> 2.5)

BUNDLED WITH
   2.6.2
